GEM
  remote: https://rubygems.org/
  specs:
    minitest (4.7.5)
    rack (1.5.2)
    rack-protection (1.5.1)
      rack
    rack-test (0.6.2)
      rack (>= 1.0)
    rake (10.1.0)
    sinatra (1.4.4)
      rack (~> 1.4)
      rack-protection (~> 1.4)
      tilt (~> 1.3, >= 1.3.4)
    tilt (1.4.1)

PLATFORMS
  ruby

DEPENDENCIES
  minitest (~> 4.6)
  rack-test (~> 0.6)
  rake (~> 10.0)
  sinatra (~> 1.3)
